PATH
  remote: /Users/rajdeepverma/projects/parallel_calabash
  specs:
    parallel_calabash (0.1.4)
      parallel

GEM
  remote: https://rubygems.org/
  specs:
    awesome_print (1.6.1)
    builder (3.2.2)
    calabash-android (0.5.2)
      awesome_print
      cucumber
      escape (~> 0.0.4)
      httpclient (~> 2.3.2)
      json
      retriable (~> 1.3.3.1)
      rubyzip (~> 1.1)
      slowhandcuke
    coderay (1.1.0)
    cucumber (1.3.16)
      builder (>= 2.1.2)
      diff-lcs (>= 1.1.3)
      gherkin (~> 2.12)
      multi_json (>= 1.7.5, < 2.0)
      multi_test (>= 0.1.1)
    diff-lcs (1.2.5)
    escape (0.0.4)
    gherkin (2.12.2)
      multi_json (~> 1.3)
    httpclient (2.3.4.1)
    json (1.8.3)
    method_source (0.8.2)
    multi_json (1.10.1)
    multi_test (0.1.1)
    nakal (0.0.2)
      rmagick (~> 2.15.2)
    parallel (1.6.0)
    pry (0.10.1)
      coderay (~> 1.1.0)
      method_source (~> 0.8.1)
      slop (~> 3.4)
    pry-nav (0.2.4)
      pry (>= 0.9.10, < 0.11.0)
    retriable (1.3.3.1)
    rmagick (2.15.2)
    rspec (3.1.0)
      rspec-core (~> 3.1.0)
      rspec-expectations (~> 3.1.0)
      rspec-mocks (~> 3.1.0)
    rspec-core (3.1.4)
      rspec-support (~> 3.1.0)
    rspec-expectations (3.1.2)
      diff-lcs (>= 1.2.0, < 2.0)
      rspec-support (~> 3.1.0)
    rspec-mocks (3.1.2)
      rspec-support (~> 3.1.0)
    rspec-support (3.1.1)
    rubyzip (1.1.7)
    slop (3.6.0)
    slowhandcuke (0.0.3)
      cucumber

PLATFORMS
  ruby

DEPENDENCIES
  calabash-android
  cucumber (~> 1.3.8)
  nakal
  parallel_calabash!
  pry
  pry-nav
  rspec
